GEM
  remote: https://rubygems.org/
  specs:
    power_assert (0.1.3)
    test-unit (3.0.1)
      power_assert

PLATFORMS
  ruby
  x64-mingw32

DEPENDENCIES
  test-unit (~> 3.0.1)
