GEM
  remote: https://rubygems.org/
  specs:
    contracts (0.4)
    power_assert (0.1.3)
    test-unit (3.0.1)
      power_assert

PLATFORMS
  x64-mingw32

DEPENDENCIES
  contracts (~> 0.4)
  test-unit (~> 3.0.1)
